GIT
  remote: git://github.com/geminabox/geminabox.git
  revision: 46c5a1df162c58dd1317275c6cfb8e6da6c7747e
  specs:
    geminabox (0.12.4)
      builder
      faraday
      httpclient (>= 2.2.7)
      nesty
      sinatra (>= 1.2.7)

GEM
  remote: https://rubygems.org/
  specs:
    builder (3.2.2)
    dotenv (2.0.2)
    faraday (0.9.2)
      multipart-post (>= 1.2, < 3)
    httpclient (2.7.0.1)
    multipart-post (2.0.0)
    nesty (1.0.2)
    newrelic_rpm (3.14.0.305)
    puma (2.15.3)
    rack (1.6.4)
    rack-protection (1.5.3)
      rack
    sinatra (1.4.6)
      rack (~> 1.4)
      rack-protection (~> 1.4)
      tilt (>= 1.3, < 3)
    tilt (2.0.1)

PLATFORMS
  ruby

DEPENDENCIES
  dotenv
  geminabox!
  newrelic_rpm
  puma

BUNDLED WITH
   1.10.6
